GEM
  remote: https://rubygems.org/
  specs:
    hpricot (0.8.6)
    httparty (0.13.3)
      json (~> 1.8)
      multi_xml (>= 0.5.2)
    json (1.8.2)
    multi_xml (0.5.5)
    url_expander (0.1.5)
      hpricot
      httparty (>= 0.6.1)
      json

PLATFORMS
  ruby

DEPENDENCIES
  url_expander
